PATH
  remote: .
  specs:
    ups-ruby (0.22.0)
      excon (~> 0.45, >= 0.45.3)
      insensitive_hash (~> 0.3.3)
      levenshtein-ffi (~> 1.1)
      ox (~> 2.2, >= 2.2.0)

GEM
  remote: http://rubygems.org/
  specs:
    codeclimate-test-reporter (1.0.5)
      simplecov
    docile (1.1.5)
    excon (0.83.0)
    ffi (1.15.3)
    insensitive_hash (0.3.3)
    json (1.8.6)
    levenshtein-ffi (1.1.0)
      ffi (~> 1.9)
    mini_portile2 (2.4.0)
    minitest (5.7.0)
    nokogiri (1.10.3)
      mini_portile2 (~> 2.4.0)
    ox (2.14.5)
    rake (12.0.0)
    simplecov (0.10.0)
      docile (~> 1.1.0)
      json (~> 1.8)
      simplecov-html (~> 0.10.0)
    simplecov-html (0.10.0)

PLATFORMS
  ruby

DEPENDENCIES
  codeclimate-test-reporter (~> 1.0.0)
  minitest
  nokogiri
  rake
  simplecov
  ups-ruby!
